GEM
  remote: http://rubygems.org/
  remote: http://gems.github.com/
  specs:
    activesupport (2.3.8)
    bluecloth (2.0.7)
    builder (3.0.0)
    columnize (0.3.1)
    cucumber (1.1.4)
      builder (>= 2.1.2)
      diff-lcs (>= 1.1.2)
      gherkin (~> 2.7.1)
      json (>= 1.4.6)
      term-ansicolor (>= 1.0.6)
    diff-lcs (1.1.3)
    gherkin (2.7.4)
      json (>= 1.4.6)
    git (1.2.5)
    json (1.6.3)
    linecache (0.43)
    mhennemeyer-output_catcher (1.0.1)
    mocha (0.9.8)
      rake
    rake (0.9.2.2)
    rcov (0.9.8)
    rdoc (3.12)
      json (~> 1.4)
    redgreen (1.2.2)
    rr (0.10.11)
    ruby-debug (0.10.3)
      columnize (>= 0.1)
      ruby-debug-base (~> 0.10.3.0)
    ruby-debug-base (0.10.3)
      linecache (>= 0.3)
    shoulda (2.11.3)
    term-ansicolor (1.0.7)
    test-construct (1.2.0)
    timecop (0.3.5)
    yard (0.6.1)

PLATFORMS
  ruby

DEPENDENCIES
  activesupport (~> 2.3.5)
  bluecloth
  bundler (~> 1.0)
  cucumber (~> 1.1.4)
  git (>= 1.2.5)
  mhennemeyer-output_catcher
  mocha
  rake
  rcov
  rdoc
  redgreen
  rr
  ruby-debug
  shoulda
  test-construct
  timecop
  yard (~> 0.6.0)
